GEM
  remote: https://rubygems.org/
  specs:
    concurrent-ruby (1.1.10)

PLATFORMS
  ruby

DEPENDENCIES
  concurrent-ruby (~> 1.1)

BUNDLED WITH
   2.1.4
